PATH
  remote: .
  specs:
    alda-rb (0.3.1)
      bencode
      colorize

GEM
  remote: https://rubygems.org/
  specs:
    bencode (0.8.2)
    colorize (1.1.0)
    minitest (5.24.1)
    psych (5.1.2)
      stringio
    rake (13.2.1)
    rdoc (6.7.0)
      psych (>= 4.0.0)
    stringio (3.1.1)

PLATFORMS
  x86_64-linux

DEPENDENCIES
  alda-rb!
  minitest (~> 5.0)
  rake (~> 13.0)
  rdoc

BUNDLED WITH
   2.5.18
